PATH
  remote: .
  specs:
    time_pricing (0.0.0)

GEM
  remote: https://rubygems.org/
  specs:
    minitest (5.14.0)
    rake (13.0.1)

PLATFORMS
  ruby

DEPENDENCIES
  bundler (~> 2.0)
  minitest (~> 5.14)
  rake (~> 13.0)
  time_pricing!

BUNDLED WITH
   2.0.2
